GEM
  remote: http://rubygems.org/
  specs:
    aspelllint (0.14)
      docopt (~> 0.5)
      dotsmack (~> 0.3)
      ptools (~> 1.2)
    docopt (0.6.1)
    dotsmack (0.5)
      ptools (~> 1.2)
    ptools (1.3.5)
    rake (12.3.3)

PLATFORMS
  ruby

DEPENDENCIES
  aspelllint
  rake (~> 12.3.3)

BUNDLED WITH
   2.1.4
